GEM
  remote: https://rubygems.org/
  specs:
    backports (3.6.0)
    mime-types (2.3)
    multi_json (1.10.1)
    newrelic_rpm (3.8.1.221)
    rack (1.5.2)
    rack-protection (1.5.3)
      rack
    rack-test (0.6.2)
      rack (>= 1.0)
    redis (3.0.7)
    rest-client (1.6.7)
      mime-types (>= 1.16)
    sinatra (1.4.5)
      rack (~> 1.4)
      rack-protection (~> 1.4)
      tilt (~> 1.3, >= 1.3.4)
    sinatra-contrib (1.4.2)
      backports (>= 2.0)
      multi_json
      rack-protection
      rack-test
      sinatra (~> 1.4.0)
      tilt (~> 1.3)
    tilt (1.4.1)

PLATFORMS
  ruby

DEPENDENCIES
  newrelic_rpm
  redis
  rest-client
  sinatra
  sinatra-contrib
